GEM
  remote: https://rubygems.org/
  specs:
    phantomjs (1.9.7.0)

PLATFORMS
  ruby

DEPENDENCIES
  phantomjs (= 1.9.7.0)
